GEM
  remote: https://rubygems.org/
  specs:
    builder (3.2.3)
    diff-lcs (1.2.5)
    rake (10.4.2)
    rspec (3.2.0)
      rspec-core (~> 3.2.0)
      rspec-expectations (~> 3.2.0)
      rspec-mocks (~> 3.2.0)
    rspec-core (3.2.3)
      rspec-support (~> 3.2.0)
    rspec-expectations (3.2.1)
      diff-lcs (>= 1.2.0, < 2.0)
      rspec-support (~> 3.2.0)
    rspec-mocks (3.2.1)
      diff-lcs (>= 1.2.0, < 2.0)
      rspec-support (~> 3.2.0)
    rspec-support (3.2.2)
    rspec_junit_formatter (0.2.3)
      builder (< 4)
      rspec-core (>= 2, < 4, != 2.12.0)

PLATFORMS
  ruby

DEPENDENCIES
  rake
  rspec
  rspec_junit_formatter

BUNDLED WITH
   1.10.0
